GEM
  remote: https://rubygems.org/
  specs:
    colored (1.2)
    mime-types (1.23)
    rest-client (1.6.7)
      mime-types (>= 1.16)

PLATFORMS
  ruby

DEPENDENCIES
  colored
  rest-client
